GEM
  remote: https://rubygems.org/
  specs:
    activesupport (5.0.1)
      concurrent-ruby (~> 1.0, >= 1.0.2)
      i18n (~> 0.7)
      minitest (~> 5.1)
      tzinfo (~> 1.1)
    concurrent-ruby (1.0.4)
    eventmachine (1.2.2)
    faraday (0.11.0)
      multipart-post (>= 1.2, < 3)
    faraday_middleware (0.11.0.1)
      faraday (>= 0.7.4, < 1.0)
    faye-websocket (0.10.6)
      eventmachine (>= 0.12.0)
      websocket-driver (>= 0.5.1)
    gli (2.15.0)
    hashie (3.5.1)
    i18n (0.8.0)
    json (2.0.3)
    minitest (5.10.1)
    multipart-post (2.0.0)
    slack-ruby-client (0.7.8)
      activesupport
      faraday (>= 0.9)
      faraday_middleware
      gli
      hashie
      json
      websocket-driver
    thread_safe (0.3.5)
    tzinfo (1.2.2)
      thread_safe (~> 0.1)
    websocket-driver (0.6.5)
      websocket-extensions (>= 0.1.0)
    websocket-extensions (0.1.2)

PLATFORMS
  ruby

DEPENDENCIES
  eventmachine
  faye-websocket
  slack-ruby-client

BUNDLED WITH
   1.13.7
